GEM
  remote: https://rubygems.org/
  specs:
    concurrent-ruby (1.0.2)

PLATFORMS
  x86-mingw32

DEPENDENCIES
  concurrent-ruby

BUNDLED WITH
   1.12.5
